GEM
  remote: https://rubygems.org/
  specs:
    byebug (11.1.3)
    yaml (0.2.0)

PLATFORMS
  x86_64-linux

DEPENDENCIES
  byebug
  yaml

BUNDLED WITH
   2.2.33
